GEM
  remote: https://rubygems.org/
  specs:
    cli-ui (2.3.0)

PLATFORMS
  arm64-darwin-24
  ruby

DEPENDENCIES
  cli-ui (~> 2.3)

BUNDLED WITH
   2.6.2
